GEM
  remote: http://rubygems.org/
  specs:
    archetype-utilities (0.1.0)
      compass (>= 0.12.1)
      sass (>= 3.2.0)
    blankslate (2.1.2.4)
    breakpoint (2.0.7)
      compass (>= 0.12.1)
      sass (>= 3.2.0)
    chunky_png (1.2.9)
    classifier (1.3.3)
      fast-stemmer (>= 1.0.0)
    colorator (0.1)
    colorize (0.6.0)
    colorkit (0.4.7)
      compass (>= 0.13.alpha.2)
    commander (4.1.5)
      highline (~> 1.6.11)
    compass (0.13.alpha.10)
      chunky_png (~> 1.2)
      json
      listen (~> 1.1.0)
      sass (~> 3.3.0.rc.1)
    csscss (1.3.2)
      colorize
      parslet (~> 1.5)
    directory_watcher (1.4.1)
    fast-stemmer (1.0.2)
    ffi (1.9.3)
    highline (1.6.20)
    jekyll (1.2.1)
      classifier (~> 1.3)
      colorator (~> 0.1)
      commander (~> 4.1.3)
      directory_watcher (~> 1.4.1)
      liquid (~> 2.5.2)
      maruku (~> 0.5)
      pygments.rb (~> 0.5.0)
      redcarpet (~> 2.3.0)
      safe_yaml (~> 0.7.0)
    json (1.8.1)
    liquid (2.5.3)
    listen (1.1.6)
      rb-fsevent (>= 0.9.3)
      rb-inotify (>= 0.9)
      rb-kqueue (>= 0.2)
    maruku (0.7.0)
    modular-scale (1.0.6)
      compass (>= 0.12.1)
      sass (>= 3.2.0)
      sassy-math (>= 1.5)
    parslet (1.5.0)
      blankslate (~> 2.0)
    posix-spawn (0.3.6)
    pygments.rb (0.5.4)
      posix-spawn (~> 0.3.6)
      yajl-ruby (~> 1.1.0)
    rb-fsevent (0.9.3)
    rb-inotify (0.9.2)
      ffi (>= 0.5.0)
    rb-kqueue (0.2.0)
      ffi (>= 0.5.0)
    redcarpet (2.3.0)
    safe_yaml (0.7.1)
    sass (3.3.0.rc.1)
      listen (~> 1.1.0)
    sassy-math (1.5)
      compass (~> 0.11)
    singularity-extras (0.0.3)
      modular-scale (>= 1.0.6)
      sassy-math (>= 1.5)
      singularitygs (>= 0.0.1)
    singularitygs (1.1.2)
      breakpoint (>= 2.0.1)
      compass (>= 0.12.2)
      sass (>= 3.2.1)
    susy (2.0.0.alpha.4)
      compass (>= 0.12.2)
      sass (>= 3.2.0)
    yajl-ruby (1.1.0)

PLATFORMS
  ruby

DEPENDENCIES
  archetype-utilities (>= 0.1.0)
  breakpoint (>= 2.0.6)
  colorkit (>= 0.4.7)
  compass (>= 0.12)
  csscss (~> 1.3)
  jekyll (~> 1.2.1)
  modular-scale (>= 0.0.4)
  redcarpet
  sass (>= 3.2)
  singularity-extras (>= 0.0.3)
  singularitygs (>= 1.1.2)
  susy (>= 2.0.0.alpha.4)
